GEM
  remote: https://rubygems.org/
  specs:
    bubble-wrap (1.4.0)
    rake (10.1.0)
    twittermotion (0.0.2)
      bubble-wrap (>= 1.1.2)

PLATFORMS
  ruby

DEPENDENCIES
  rake
  twittermotion
